GEM
  remote: https://www.rubygems.org/
  specs:
    nio4r (2.4.0)
    puma (4.1.0)
      nio4r (~> 2.0)
    rack (2.0.8)

PLATFORMS
  ruby

DEPENDENCIES
  puma
  rack

BUNDLED WITH
   2.0.2
